GEM
  remote: https://rubygems.org/
  specs:
    gosu (0.11.1)
    gosu_tiled (0.1.1)
      gosu
      json
    json (2.0.3)

PLATFORMS
  ruby

DEPENDENCIES
  gosu
  gosu_tiled

BUNDLED WITH
   1.13.6
